GEM
  remote: https://rubygems.org/
  specs:
    httparty (0.13.3)
      json (~> 1.8)
      multi_xml (>= 0.5.2)
    json (1.8.2)
    mime-types (2.4.3)
    multi_json (1.11.0)
    multi_xml (0.5.5)
    netrc (0.10.3)
    rest-client (1.7.3)
      mime-types (>= 1.16, < 3.0)
      netrc (~> 0.7)
    strava-api-v3 (0.1.0)
      httparty
      multi_json

PLATFORMS
  ruby

DEPENDENCIES
  rest-client
  strava-api-v3
